GEM
  remote: https://rubygems.org/
  specs:
    coderay (1.1.2)
    git (1.5.0)
    method_source (0.9.2)
    pry (0.12.2)
      coderay (~> 1.1.0)
      method_source (~> 0.9.0)
    rb-scpt (1.0.3)

PLATFORMS
  ruby

DEPENDENCIES
  git
  pry
  rb-scpt

BUNDLED WITH
   1.16.0
