GEM
  remote: https://rubygems.org/
  specs:
    coderay (1.1.3)
    git (1.11.0)
      rchardet (~> 1.8)
    method_source (1.0.0)
    pry (0.13.1)
      coderay (~> 1.1)
      method_source (~> 1.0)
    rchardet (1.8.0)

PLATFORMS
  ruby

DEPENDENCIES
  git
  pry

BUNDLED WITH
   2.1.2
