GEM
  remote: https://rubygems.org/
  specs:
    addressable (2.8.1)
      public_suffix (>= 2.0.2, < 6.0)
    coderay (1.1.3)
    git (1.12.0)
      addressable (~> 2.8)
      rchardet (~> 1.8)
    method_source (1.0.0)
    pry (0.14.1)
      coderay (~> 1.1)
      method_source (~> 1.0)
    public_suffix (5.0.1)
    rchardet (1.8.0)

PLATFORMS
  ruby

DEPENDENCIES
  git
  pry

BUNDLED WITH
   2.1.2
